GEM
  remote: https://rubygems.org/
  specs:
    connection_pool (2.2.3)
    rack (2.2.3)
    redis (4.2.1)
    redis-namespace (1.7.0)
      redis (>= 3.0.4)
    sidekiq (6.1.0)
      connection_pool (>= 2.2.2)
      rack (~> 2.0)
      redis (>= 4.2.0)
    slim (4.1.0)
      temple (>= 0.7.6, < 0.9)
      tilt (>= 2.0.6, < 2.1)
    temple (0.8.2)
    tilt (2.0.10)

PLATFORMS
  ruby
  x86_64-darwin-16

DEPENDENCIES
  redis-namespace
  sidekiq
  slim

RUBY VERSION
   ruby 2.6.6p146

BUNDLED WITH
   1.17.3
