GEM
  remote: https://rubygems.org/
  specs:
    connection_pool (2.2.2)
    rack (2.0.6)
    rack-protection (2.0.4)
      rack
    redis (4.0.3)
    redis-namespace (1.6.0)
      redis (>= 3.0.4)
    sidekiq (5.2.3)
      connection_pool (~> 2.2, >= 2.2.2)
      rack-protection (>= 1.5.0)
      redis (>= 3.3.5, < 5)
    slim (4.0.1)
      temple (>= 0.7.6, < 0.9)
      tilt (>= 2.0.6, < 2.1)
    temple (0.8.0)
    tilt (2.0.8)

PLATFORMS
  ruby
  x86_64-darwin-16

DEPENDENCIES
  redis-namespace
  sidekiq
  slim

RUBY VERSION
   ruby 2.5.1p57

BUNDLED WITH
   1.16.1
