GEM
  remote: https://rubygems.org/
  specs:
    concurrent-ruby (1.0.3)
    connection_pool (2.2.1)
    rack (2.0.1)
    rack-protection (1.5.3)
      rack
    redis (3.3.2)
    redis-namespace (1.5.2)
      redis (~> 3.0, >= 3.0.4)
    sidekiq (4.2.7)
      concurrent-ruby (~> 1.0)
      connection_pool (~> 2.2, >= 2.2.0)
      rack-protection (>= 1.5.0)
      redis (~> 3.2, >= 3.2.1)
    slim (3.0.7)
      temple (~> 0.7.6)
      tilt (>= 1.3.3, < 2.1)
    temple (0.7.7)
    tilt (2.0.5)

PLATFORMS
  ruby

DEPENDENCIES
  redis-namespace
  sidekiq
  slim

RUBY VERSION
   ruby 2.3.1p112

BUNDLED WITH
   1.13.6
